GEM
  remote: http://rubygems.org/
  remote: http://gems.github.com/
  specs:
    activesupport (3.0.0)
    crack (0.1.8)
    jferris-mocha (0.9.8.20100526112143)
      rake
    minitest (1.7.1)
    oauth (0.4.3)
    rake (0.8.7)
    shoulda (2.11.3)

PLATFORMS
  ruby

DEPENDENCIES
  activesupport
  crack
  jferris-mocha
  minitest
  oauth
  shoulda
